GIT
  remote: git://github.com/hron/rb-inotify.git
  revision: 4fe776f5e1cb0225f2afb0b4635847ac0f92a4f9
  branch: fix-guard-crash-when-file-is-deleted-very-fast
  specs:
    rb-inotify (0.8.5)
      ffi (>= 0.5.0)

GIT
  remote: git://github.com/mark-moseley/linecache
  revision: 869c6a65155068415925067e480741bd0a71527e
  specs:
    linecache19 (0.5.12)
      ruby_core_source (>= 0.1.4)

PATH
  remote: .
  specs:
    chuchugo (0.0.1)
      activesupport
      faye-websocket
      json
      mongo
      rack
      thin

GEM
  remote: http://rubygems.org/
  specs:
    activesupport (3.2.2)
      i18n (~> 0.6)
      multi_json (~> 1.0)
    addressable (2.2.7)
    archive-tar-minitar (0.5.2)
    bson (1.6.1)
    bson_ext (1.6.1)
      bson (~> 1.6.1)
    childprocess (0.3.1)
      ffi (~> 1.0.6)
    coffee-script (2.2.0)
      coffee-script-source
      execjs
    coffee-script-source (1.2.0)
    columnize (0.3.6)
    crack (0.3.1)
    daemons (1.1.8)
    database_cleaner (0.7.1)
    diff-lcs (1.1.3)
    eventmachine (1.0.0.beta.4)
    execjs (1.3.0)
      multi_json (~> 1.0)
    factory_girl (2.6.3)
      activesupport (>= 2.3.9)
    faye-websocket (0.4.2)
      eventmachine (>= 0.12.0)
    ffi (1.0.11)
    growl (1.0.3)
    guard (1.0.1)
      ffi (>= 0.5.0)
      thor (~> 0.14.6)
    guard-rspec (0.6.0)
      guard (>= 0.10.0)
    haml (3.1.4)
    hike (1.2.1)
    i18n (0.6.0)
    jasmine (1.1.2)
      jasmine-core (>= 1.1.0)
      rack (>= 1.1)
      rspec (>= 1.3.1)
      selenium-webdriver (>= 0.1.3)
    jasmine-core (1.1.0)
    json (1.6.5)
    libnotify (0.7.2)
    mongo (1.6.1)
      bson (~> 1.6.1)
    multi_json (1.1.0)
    rack (1.4.1)
    rack-fiber_pool (0.9.2)
    rack-test (0.6.1)
      rack (>= 1.0)
    rake (0.9.2.2)
    rb-fsevent (0.9.0)
    rr (1.0.4)
    rspec (2.8.0)
      rspec-core (~> 2.8.0)
      rspec-expectations (~> 2.8.0)
      rspec-mocks (~> 2.8.0)
    rspec-core (2.8.0)
    rspec-expectations (2.8.0)
      diff-lcs (~> 1.1.2)
    rspec-mocks (2.8.0)
    ruby-debug-base19 (0.11.25)
      columnize (>= 0.3.1)
      linecache19 (>= 0.5.11)
      ruby_core_source (>= 0.1.4)
    ruby-debug-base19x (0.11.30.pre10)
      columnize (>= 0.3.1)
      linecache19 (>= 0.5.11)
      rake (>= 0.8.1)
      ruby_core_source (>= 0.1.4)
    ruby-debug19 (0.11.6)
      columnize (>= 0.3.1)
      linecache19 (>= 0.5.11)
      ruby-debug-base19 (>= 0.11.19)
    ruby_core_source (0.1.5)
      archive-tar-minitar (>= 0.5.2)
    rubyzip (0.9.6.1)
    sass (3.1.15)
    selenium-webdriver (2.20.0)
      childprocess (>= 0.2.5)
      ffi (~> 1.0)
      multi_json (~> 1.0)
      rubyzip
    sprockets (2.3.1)
      hike (~> 1.2)
      multi_json (~> 1.0)
      rack (~> 1.0)
      tilt (~> 1.1, != 1.3.0)
    thin (1.3.1)
      daemons (>= 1.0.9)
      eventmachine (>= 0.12.6)
      rack (>= 1.0.0)
    thor (0.14.6)
    tilt (1.3.3)
    timecop (0.3.5)
    webmock (1.8.2)
      addressable (>= 2.2.7)
      crack (>= 0.1.7)

PLATFORMS
  ruby

DEPENDENCIES
  bson_ext
  chuchugo!
  coffee-script
  database_cleaner
  factory_girl
  growl
  guard
  guard-rspec
  haml
  jasmine
  libnotify
  linecache19!
  rack-fiber_pool
  rack-test
  rb-fsevent
  rb-inotify!
  rr
  rspec
  ruby-debug-base19x (~> 0.11.30.pre4)
  ruby-debug19
  sass
  sprockets
  timecop
  webmock
